GIT
  remote: https://github.com/milosgajdos83/kitchen-salt.git
  revision: 11dee5e6c5a353b5454b012ed88a16f666e4b21f
  branch: vendor-path
  specs:
    kitchen-salt (0.0.19)

GEM
  remote: https://rubygems.org/
  specs:
    kitchen-vagrant (0.15.0)
      test-kitchen (~> 1.0)
    mixlib-shellout (1.6.0)
    net-scp (1.2.1)
      net-ssh (>= 2.6.5)
    net-ssh (2.9.1)
    safe_yaml (1.0.4)
    test-kitchen (1.2.1)
      mixlib-shellout (~> 1.2)
      net-scp (~> 1.1)
      net-ssh (~> 2.7)
      safe_yaml (~> 1.0)
      thor (~> 0.18)
    thor (0.19.1)
    unf (0.1.4)
      unf_ext
    unf_ext (0.0.6)

PLATFORMS
  ruby

DEPENDENCIES
  kitchen-salt!
  kitchen-vagrant
  test-kitchen
  unf
